STORAGE: NONE
RESTRICTION: == net8.0
NUGET
  remote: https://api.nuget.org/v3/index.json
    Humanizer.Core (2.14.1)
    Microsoft.CodeAnalysis.Analyzers (3.11)
    Microsoft.CodeAnalysis.Common (4.11)
      Microsoft.CodeAnalysis.Analyzers (>= 3.3.4)
      System.Collections.Immutable (>= 8.0)
      System.Reflection.Metadata (>= 8.0)
    Microsoft.CodeAnalysis.CSharp (4.11)
      Microsoft.CodeAnalysis.Analyzers (>= 3.3.4)
      Microsoft.CodeAnalysis.Common (4.11)
      System.Collections.Immutable (>= 8.0)
      System.Reflection.Metadata (>= 8.0)
    Microsoft.CodeAnalysis.CSharp.Workspaces (4.11)
      Humanizer.Core (>= 2.14.1)
      Microsoft.CodeAnalysis.Analyzers (>= 3.3.4)
      Microsoft.CodeAnalysis.Common (4.11)
      Microsoft.CodeAnalysis.CSharp (4.11)
      Microsoft.CodeAnalysis.Workspaces.Common (4.11)
      System.Collections.Immutable (>= 8.0)
      System.Composition (>= 8.0)
      System.IO.Pipelines (>= 8.0)
      System.Reflection.Metadata (>= 8.0)
      System.Threading.Channels (>= 7.0)
    Microsoft.CodeAnalysis.Workspaces.Common (4.11)
      Humanizer.Core (>= 2.14.1)
      Microsoft.CodeAnalysis.Analyzers (>= 3.3.4)
      Microsoft.CodeAnalysis.Common (4.11)
      System.Collections.Immutable (>= 8.0)
      System.Composition (>= 8.0)
      System.IO.Pipelines (>= 8.0)
      System.Reflection.Metadata (>= 8.0)
      System.Threading.Channels (>= 7.0)
    System.Collections.Immutable (8.0)
    System.Composition (8.0)
      System.Composition.AttributedModel (>= 8.0)
      System.Composition.Convention (>= 8.0)
      System.Composition.Hosting (>= 8.0)
      System.Composition.Runtime (>= 8.0)
      System.Composition.TypedParts (>= 8.0)
    System.Composition.AttributedModel (8.0)
    System.Composition.Convention (8.0)
      System.Composition.AttributedModel (>= 8.0)
    System.Composition.Hosting (8.0)
      System.Composition.Runtime (>= 8.0)
    System.Composition.Runtime (8.0)
    System.Composition.TypedParts (8.0)
      System.Composition.AttributedModel (>= 8.0)
      System.Composition.Hosting (>= 8.0)
      System.Composition.Runtime (>= 8.0)
    System.IO.Pipelines (8.0)
    System.Memory (4.5.5)
    System.Reflection.Metadata (8.0)
      System.Collections.Immutable (>= 8.0)
    System.Threading.Channels (8.0)
  remote: https://pkgs.dev.azure.com/dnceng/public/_packaging/dotnet-eng/nuget/v3/index.json
    Microsoft.DotNet.Arcade.Sdk (9.0.0-beta.24423.2)
